GEM
  remote: https://rubygems.org/
  specs:
    json (2.0.2)

PLATFORMS
  x86-mingw32

DEPENDENCIES
  json

BUNDLED WITH
   1.13.2
