GEM
  remote: https://rubygems.org/
  specs:
    colored (1.2)
    colorize (0.8.1)
    command_line_reporter (3.3.6)
      colored (>= 1.2)
    json (2.0.2)
    terminal-table (1.7.3)
      unicode-display_width (~> 1.1.1)
    unicode-display_width (1.1.2)

PLATFORMS
  x86-mingw32

DEPENDENCIES
  colorize
  command_line_reporter
  json
  terminal-table

BUNDLED WITH
   1.13.2
